GIT
  remote: git://github.com/sealocal/figaro.git
  revision: 799f93b578e0727a86f7df0f3753774434a2161d
  specs:
    figaro (1.0.0.rc1)
      thor (~> 0.14)

GEM
  remote: https://rubygems.org/
  specs:
    actionmailer (4.0.4)
      actionpack (= 4.0.4)
      mail (~> 2.5.4)
    actionpack (4.0.4)
      activesupport (= 4.0.4)
      builder (~> 3.1.0)
      erubis (~> 2.7.0)
      rack (~> 1.5.2)
      rack-test (~> 0.6.2)
    activemodel (4.0.4)
      activesupport (= 4.0.4)
      builder (~> 3.1.0)
    activerecord (4.0.4)
      activemodel (= 4.0.4)
      activerecord-deprecated_finders (~> 1.0.2)
      activesupport (= 4.0.4)
      arel (~> 4.0.0)
    activerecord-deprecated_finders (1.0.3)
    activesupport (4.0.4)
      i18n (~> 0.6, >= 0.6.9)
      minitest (~> 4.2)
      multi_json (~> 1.3)
      thread_safe (~> 0.1)
      tzinfo (~> 0.3.37)
    addressable (2.3.6)
    annotated-rails (0.0.2)
      activerecord (>= 3.0.0)
    arel (4.0.2)
    ast (2.0.0)
    atomic (1.1.16)
    builder (3.1.4)
    coderay (1.1.0)
    coffee-rails (4.0.1)
      coffee-script (>= 2.2.0)
      railties (>= 4.0.0, < 5.0)
    coffee-script (2.2.0)
      coffee-script-source
      execjs
    coffee-script-source (1.7.0)
    css_parser (1.3.5)
      addressable
    database_cleaner (1.2.0)
    diff-lcs (1.2.5)
    erubis (2.7.0)
    execjs (2.0.2)
    hike (1.2.3)
    htmlentities (4.3.1)
    i18n (0.6.9)
    jbuilder (1.5.3)
      activesupport (>= 3.0.0)
      multi_json (>= 1.2.0)
    jquery-rails (3.1.0)
      railties (>= 3.0, < 5.0)
      thor (>= 0.14, < 2.0)
    json (1.8.1)
    mail (2.5.4)
      mime-types (~> 1.16)
      treetop (~> 1.4.8)
    method_source (0.8.2)
    mime-types (1.25.1)
    mini_portile (0.5.3)
    minitest (4.7.5)
    multi_json (1.9.2)
    nokogiri (1.6.1)
      mini_portile (~> 0.5.0)
    parser (2.2.0.pre.4)
      ast (>= 1.1, < 3.0)
      slop (~> 3.4, >= 3.4.5)
    pg (0.17.1)
    picky (4.21.2)
      activesupport
      multi_json (~> 1.3)
      rack_fast_escape (~> 2009.0)
      text (~> 1.2)
    polyglot (0.3.4)
    powerpack (0.0.9)
    premailer (1.8.2)
      css_parser (>= 1.3.5)
      htmlentities (>= 4.0.0)
    premailer-rails (1.7.0)
      actionmailer (>= 3, < 5)
      premailer (~> 1.7, >= 1.7.9)
    protected_attributes (1.0.7)
      activemodel (>= 4.0.1, < 5.0)
    pry (0.9.12.6)
      coderay (~> 1.0)
      method_source (~> 0.8)
      slop (~> 3.4)
    rack (1.5.2)
    rack-test (0.6.2)
      rack (>= 1.0)
    rack_fast_escape (2009.06.24)
      url_escape
    rails (4.0.4)
      actionmailer (= 4.0.4)
      actionpack (= 4.0.4)
      activerecord (= 4.0.4)
      activesupport (= 4.0.4)
      bundler (>= 1.3.0, < 2.0)
      railties (= 4.0.4)
      sprockets-rails (~> 2.0.0)
    rails_12factor (0.0.2)
      rails_serve_static_assets
      rails_stdout_logging
    rails_serve_static_assets (0.0.2)
    rails_stdout_logging (0.0.3)
    railties (4.0.4)
      actionpack (= 4.0.4)
      activesupport (= 4.0.4)
      rake (>= 0.8.7)
      thor (>= 0.18.1, < 2.0)
    rainbow (2.0.0)
    rake (10.1.1)
    rdoc (4.1.1)
      json (~> 1.4)
    rspec-core (2.14.8)
    rspec-expectations (2.14.5)
      diff-lcs (>= 1.1.3, < 2.0)
    rspec-mocks (2.14.6)
    rspec-rails (2.14.1)
      actionpack (>= 3.0)
      activemodel (>= 3.0)
      activesupport (>= 3.0)
      railties (>= 3.0)
      rspec-core (~> 2.14.0)
      rspec-expectations (~> 2.14.0)
      rspec-mocks (~> 2.14.0)
    rubocop (0.25.0)
      parser (>= 2.2.0.pre.4, < 3.0)
      powerpack (~> 0.0.6)
      rainbow (>= 1.99.1, < 3.0)
      ruby-progressbar (~> 1.4)
    ruby-progressbar (1.5.1)
    sass (3.2.17)
    sass-rails (4.0.2)
      railties (>= 4.0.0, < 5.0)
      sass (~> 3.2.0)
      sprockets (~> 2.8, <= 2.11.0)
      sprockets-rails (~> 2.0.0)
    sdoc (0.4.0)
      json (~> 1.8)
      rdoc (~> 4.0, < 5.0)
    slop (3.4.7)
    sprockets (2.11.0)
      hike (~> 1.2)
      multi_json (~> 1.0)
      rack (~> 1.0)
      tilt (~> 1.1, != 1.3.0)
    sprockets-rails (2.0.1)
      actionpack (>= 3.0)
      activesupport (>= 3.0)
      sprockets (~> 2.8)
    text (1.2.3)
    thor (0.18.1)
    thread_safe (0.2.0)
      atomic (>= 1.1.7, < 2)
    tilt (1.4.1)
    timecop (0.7.1)
    treetop (1.4.15)
      polyglot
      polyglot (>= 0.3.1)
    turbolinks (2.2.1)
      coffee-rails
    tzinfo (0.3.39)
    uglifier (2.5.0)
      execjs (>= 0.3.0)
      json (>= 1.8.0)
    url_escape (2009.06.24)

PLATFORMS
  ruby

DEPENDENCIES
  annotated-rails
  coffee-rails (~> 4.0.0)
  database_cleaner
  figaro!
  jbuilder (~> 1.2)
  jquery-rails
  nokogiri
  pg
  picky
  premailer-rails
  protected_attributes
  pry
  rails (= 4.0.4)
  rails_12factor
  rspec-rails
  rubocop
  sass-rails (~> 4.0.2)
  sdoc
  timecop
  turbolinks
  uglifier (>= 1.3.0)
